GEM
  remote: https://rubygems.org/
  specs:
    mini_exiftool (2.10.4)

PLATFORMS
  arm64-darwin-23
  x86_64-darwin-21

DEPENDENCIES
  mini_exiftool

BUNDLED WITH
   2.5.3
