GEM
  remote: https://rubygems.org/
  specs:
    mini_exiftool (2.10.2)

PLATFORMS
  x86_64-darwin-21

DEPENDENCIES
  mini_exiftool

BUNDLED WITH
   2.3.3
